GEM
  remote: https://rubygems.org/
  specs:
    addressable (2.8.7)
      public_suffix (>= 2.0.2, < 7.0)
    base64 (0.3.0)
    bigdecimal (3.2.3)
    cloud_events (0.7.1)
    concurrent-ruby (1.3.5)
    connpass_api_v2 (0.1.0)
      faraday (>= 2.0.0)
      faraday-mashify
    crack (1.0.0)
      bigdecimal
      rexml
    diff-lcs (1.6.2)
    doorkeeper_jp (0.1.2)
      faraday (>= 2.0.0)
      faraday-mashify
      hashie
    faraday (2.13.1)
      faraday-net_http (>= 2.0, < 3.5)
      json
      logger
    faraday-mashify (1.0.0)
      faraday (~> 2.0)
      hashie
    faraday-net_http (3.4.0)
      net-http (>= 0.5.0)
    functions_framework (1.6.2)
      cloud_events (>= 0.7.0, < 2.a)
      puma (>= 4.3.0, < 7.a)
      rack (>= 2.1, < 4.a)
    hashdiff (1.1.2)
    hashie (5.0.0)
    icalendar (2.12.0)
      base64
      ice_cube (~> 0.16)
      logger
      ostruct
    ice_cube (0.17.0)
    json (2.11.3)
    logger (1.7.0)
    mustermann (3.0.4)
      ruby2_keywords (~> 0.0.1)
    net-http (0.6.0)
      uri
    nio4r (2.7.4)
    ostruct (0.6.3)
    parallel (1.27.0)
    public_suffix (6.0.1)
    puma (6.6.0)
      nio4r (~> 2.0)
    rack (3.2.3)
    rack-protection (4.2.0)
      base64 (>= 0.1.0)
      logger (>= 1.6.0)
      rack (>= 3.0.0, < 4)
    rack-session (2.1.1)
      base64 (>= 0.1.0)
      rack (>= 3.0.0)
    rack-test (2.2.0)
      rack (>= 1.3)
    rexml (3.4.2)
    rspec (3.13.1)
      rspec-core (~> 3.13.0)
      rspec-expectations (~> 3.13.0)
      rspec-mocks (~> 3.13.0)
    rspec-core (3.13.4)
      rspec-support (~> 3.13.0)
    rspec-expectations (3.13.5)
      diff-lcs (>= 1.2.0, < 2.0)
      rspec-support (~> 3.13.0)
    rspec-its (2.0.0)
      rspec-core (>= 3.13.0)
      rspec-expectations (>= 3.13.0)
    rspec-mocks (3.13.5)
      diff-lcs (>= 1.2.0, < 2.0)
      rspec-support (~> 3.13.0)
    rspec-support (3.13.4)
    ruby2_keywords (0.0.5)
    sentry-ruby (5.28.0)
      bigdecimal
      concurrent-ruby (~> 1.0, >= 1.0.2)
    sinatra (4.2.0)
      logger (>= 1.6.0)
      mustermann (~> 3.0)
      rack (>= 3.0.0, < 4)
      rack-protection (= 4.2.0)
      rack-session (>= 2.0.0, < 3)
      tilt (~> 2.0)
    tilt (2.6.1)
    uri (1.0.4)
    webmock (3.25.1)
      addressable (>= 2.8.0)
      crack (>= 0.3.2)
      hashdiff (>= 0.4.0, < 2.0.0)

PLATFORMS
  ruby

DEPENDENCIES
  connpass_api_v2
  doorkeeper_jp
  functions_framework
  icalendar
  parallel
  rack-test
  rspec
  rspec-its
  sentry-ruby
  sinatra
  uri (>= 0.12.2)
  webmock

RUBY VERSION
   ruby 3.3.7p123

BUNDLED WITH
   2.4.10
